GEM
  remote: http://gems.github.com/
  remote: http://gemcutter.org/
  specs:
    actionmailer (2.3.10)
      actionpack (= 2.3.10)
    actionpack (2.3.10)
      activesupport (= 2.3.10)
      rack (~> 1.1.0)
    activerecord (2.3.10)
      activesupport (= 2.3.10)
    activeresource (2.3.10)
      activesupport (= 2.3.10)
    activesupport (2.3.10)
    authlogic (2.1.5)
      activesupport
    rack (1.1.0)
    rails (2.3.10)
      actionmailer (= 2.3.10)
      actionpack (= 2.3.10)
      activerecord (= 2.3.10)
      activeresource (= 2.3.10)
      activesupport (= 2.3.10)
      rake (>= 0.8.3)
    rake (0.8.7)
    sqlite3-ruby (1.3.2)
    will_paginate (2.3.15)

PLATFORMS
  ruby

DEPENDENCIES
  authlogic (= 2.1.5)
  rails (= 2.3.10)
  sqlite3-ruby
  will_paginate (= 2.3.15)
